GEM
  remote: https://rubygems.org/
  specs:
    concurrent-ruby (1.1.10)

PLATFORMS
  ruby
  x86_64-linux

DEPENDENCIES
  sinatra
  slack-ruby-client

RUBY VERSION
   ruby 3.1.0p0

BUNDLED WITH
   2.2.33
