GEM
  remote: https://rubygems.org/
  specs:
    concurrent-ruby (1.1.10)
    faraday (1.10.0)
      faraday-em_http (~> 1.0)
      faraday-em_synchrony (~> 1.0)
      faraday-excon (~> 1.1)
      faraday-httpclient (~> 1.0)
      faraday-net_http (~> 1.0)
      faraday-net_http_persistent (~> 1.2)
      faraday-patron (~> 1.0)
      faraday-rack (~> 1.0)
      multipart-post (>= 1.2, < 3)
    faraday-em_http (1.0.0)
    faraday-em_synchrony (1.0.0)
    faraday-excon (1.1.0)
    faraday-httpclient (1.0.1)
    faraday-net_http (1.2.0)
    faraday-net_http_persistent (1.2.0)
    faraday-patron (1.0.0)
    faraday-rack (1.0.0)
    ffi (1.15.5)
    multi_json (1.15.0)
    multipart-post (2.2.3)
    sinatra (3.0.5)
      mustermann (~> 3.0)
      rack (>= 2.2.4)
      rack-protection (= 3.0.5)
      tilt (~> 2.0)
    slack-ruby-client (0.16.0)
      concurrent-ruby
      faraday (>= 1.0, < 2.0)
      faraday-net_http (~> 1.0)
      multi_json (~> 1.11, >= 1.11.2)
    tilt (2.0.11)

PLATFORMS
  ruby
  x86_64-linux

DEPENDENCIES
  sinatra
  slack-ruby-client

RUBY VERSION
   ruby 3.1.0p0

BUNDLED WITH
   2.2.33
