GEM
  remote: https://rubygems.org/
  specs:
    concurrent-ruby (1.1.10)
    faraday (2.9.1)
      faraday-em_http (~> 1.0)
      faraday-em_synchrony (~> 1.0)
      faraday-excon (~> 1.1)
      faraday-httpclient (~> 1.0)
      faraday-net_http (< 3.2, >= 2.1)
      faraday-net_http_persistent (~> 1.2)
      faraday-patron (~> 1.0)
      faraday-rack (~> 1.0)
      multipart-post (>= 1.2, < 3)
    faraday-em_http (1.0.0)
    faraday-em_synchrony (1.0.0)
    faraday-excon (1.1.0)
    faraday-httpclient (1.0.1)
    faraday-net_http (2.1.0)
    faraday-net_http_persistent (1.2.0)
    faraday-patron (1.0.0)
    faraday-rack (1.0.0)
    ffi (1.15.5)
    multi_json (1.15.0)
    multipart-post (2.2.3) 
    mustermann (3.0.0)
      ruby2_keywords (~> 0.0.1)
    rack (2.2.3)
    rack-protection (4.0.0)
      base64 (>= 0.1.0)
      rack (< 4, >= 3.0.0)
    sinatra (3.0.5)
      mustermann (~> 3.0)
      rack (>= 2.2.4, ~> 2.2)
      rack-protection (= 3.0.5)
      tilt (~> 2.0)
    slack-ruby-client (0.16.0)
      concurrent-ruby
      faraday (>= 1.0)
      faraday-net_http (~> 2.0)
      faraday_middleware (>= 0)
      gli (>= 0)
      hashie (>= 0)
      multi_json (~> 1.11, >= 1.11.2)
      websocket-driver (>= 0)
    tilt (2.0.11)

PLATFORMS
  ruby

DEPENDENCIES
  faraday
  mustermann
  rack
  rack-protection
  sinatra
  slack-ruby-client
  ruby2_keywords

RUBY VERSION
   ruby 3.1.0p0

BUNDLED WITH
   2.2.33
